GEM
  remote: http://rubygems.org/
  specs:
    columnize (0.3.6)
    json (1.6.5)
    linecache (0.46)
      rbx-require-relative (> 0.0.4)
    rack (1.4.0)
    rack-protection (1.2.0)
      rack
    rbx-require-relative (0.0.5)
    redis (2.2.2)
    ruby-debug (0.10.4)
      columnize (>= 0.1)
      ruby-debug-base (~> 0.10.4.0)
    ruby-debug-base (0.10.4)
      linecache (>= 0.3)
    sinatra (1.3.2)
      rack (~> 1.3, >= 1.3.6)
      rack-protection (~> 1.2)
      tilt (~> 1.3, >= 1.3.3)
    tilt (1.3.3)

PLATFORMS
  ruby

DEPENDENCIES
  json
  redis
  ruby-debug
  sinatra
